GEM
  remote: https://rubygems.org/
  specs:
    absolute_time (1.0.0)
    ast (2.4.0)
    builder (3.2.3)
    crass (1.0.5)
    fastimage (2.1.5)
    ffi (1.11.1)
    fnv (0.2.0)
    jaro_winkler (1.5.2)
    java_properties (0.0.4)
    journald-logger (2.0.4)
      journald-native (~> 1.0)
    journald-native (1.0.11)
    jwt (2.2.1)
    locale (2.1.2)
    loofah (2.3.1)
      crass (~> 1.0.2)
      nokogiri (>= 1.5.9)
    mini_portile2 (2.4.0)
    mono_logger (1.1.0)
    multi_json (1.14.1)
    mustermann (1.0.3)
    nokogiri (1.10.4)
      mini_portile2 (~> 2.4.0)
    open4 (1.3.4)
    parallel (1.17.0)
    parser (2.6.3.0)
      ast (~> 2.4.0)
    rack (2.0.8)
    rack-protection (2.0.7)
      rack
    rainbow (3.0.0)
    rb-inotify (0.10.0)
      ffi (~> 1.0)
    redis (4.1.2)
    redis-namespace (1.6.0)
      redis (>= 3.0.4)
    resque (1.27.4)
      mono_logger (~> 1.0)
      multi_json (~> 1.0)
      redis-namespace (~> 1.3)
      sinatra (>= 0.9.2)
      vegas (~> 0.1.2)
    rubocop (0.71.0)
      jaro_winkler (~> 1.5.1)
      parallel (~> 1.10)
      parser (>= 2.6)
      rainbow (>= 2.2.2, < 4.0)
      ruby-progressbar (~> 1.7)
      unicode-display_width (>= 1.4.0, < 1.7)
    ruby-progressbar (1.10.1)
    rubyzip (1.3.0)
    sinatra (2.0.7)
      mustermann (~> 1.0)
      rack (~> 2.0)
      rack-protection (= 2.0.7)
      tilt (~> 2.0)
    tilt (2.0.10)
    trollop (2.1.3)
    unicode-display_width (1.6.0)
    vegas (0.1.11)
      rack (>= 1.0.0)

PLATFORMS
  ruby

DEPENDENCIES
  absolute_time
  builder
  fastimage
  fnv
  java_properties
  journald-logger
  jwt
  locale
  loofah
  nokogiri
  open4
  rb-inotify
  redis
  resque (~> 1.27.0)
  rubocop (~> 0.71.0)
  rubyzip
  trollop (= 2.1.3)

BUNDLED WITH
   2.0.2
