GEM
  remote: https://rubygems.org/
  specs:
    absolute_time (1.0.0)
    builder (3.2.3)
    crass (1.0.4)
    fastimage (2.1.5)
    ffi (1.10.0)
    fnv (0.2.0)
    java_properties (0.0.4)
    jwt (2.1.0)
    loofah (2.2.3)
      crass (~> 1.0.2)
      nokogiri (>= 1.5.9)
    mini_portile2 (2.4.0)
    nokogiri (1.10.1)
      mini_portile2 (~> 2.4.0)
    open4 (1.3.4)
    rb-inotify (0.10.0)
      ffi (~> 1.0)
    redis (4.1.0)
    rubyzip (1.2.2)
    trollop (2.1.3)

PLATFORMS
  ruby

DEPENDENCIES
  absolute_time
  builder
  fastimage
  fnv
  java_properties
  jwt
  loofah
  nokogiri
  open4
  rb-inotify
  redis
  rubyzip
  trollop (= 2.1.3)

BUNDLED WITH
   2.0.1
